GEM
  remote: https://rubygems.org/
  specs:
    aws-sdk (2.2.24)
      aws-sdk-resources (= 2.2.24)
    aws-sdk-core (2.2.24)
      jmespath (~> 1.0)
    aws-sdk-resources (2.2.24)
      aws-sdk-core (= 2.2.24)
    ejson (1.0.1)
    jmespath (1.1.3)
    mime-types (3.0)
      mime-types-data (~> 3.2015)
    mime-types-data (3.2015.1120)
    rake (10.5.0)

PLATFORMS
  ruby

DEPENDENCIES
  aws-sdk
  ejson
  mime-types
  rake

BUNDLED WITH
   1.11.2
